GEM
  remote: http://rubygems.org/
  specs:
    ZenTest (4.4.0)
    actionmailer (2.3.8)
      actionpack (= 2.3.8)
    actionpack (2.3.8)
      activesupport (= 2.3.8)
      rack (~> 1.1.0)
    activerecord (2.3.8)
      activesupport (= 2.3.8)
    activerecord_null_object (0.2.0)
    activeresource (2.3.8)
      activesupport (= 2.3.8)
    activesupport (2.3.8)
    authlogic (2.1.3)
      activesupport
    authlogic-oid (1.0.4)
      authlogic
    awesome_nested_set (1.4.3)
      activerecord (>= 1.1)
    capistrano (2.5.19)
      highline
      net-scp (>= 1.0.0)
      net-sftp (>= 2.0.0)
      net-ssh (>= 2.0.14)
      net-ssh-gateway (>= 1.0.0)
    capistrano-helpers (0.5.0)
      capistrano (>= 2.0.0)
    capybara (0.3.9)
      culerity (>= 0.2.4)
      mime-types (>= 1.16)
      nokogiri (>= 1.3.3)
      rack (>= 1.0.0)
      rack-test (>= 0.5.4)
      selenium-webdriver (>= 0.0.3)
    compass (0.10.3)
      haml (>= 3.0.4)
    culerity (0.2.12)
    faker (0.3.1)
    ffi (0.6.3)
      rake (>= 0.8.7)
    haml (3.0.15)
    highline (1.6.1)
    hoptoad_notifier (2.3.5)
      activesupport
    hpricot (0.8.2)
    json_pure (1.4.6)
    machinist (1.0.6)
    mime-types (1.16)
    net-scp (1.0.4)
      net-ssh (>= 1.99.1)
    net-sftp (2.0.5)
      net-ssh (>= 2.0.9)
    net-ssh (2.0.23)
    net-ssh-gateway (1.0.1)
      net-ssh (>= 1.99.1)
    newrelic_rpm (2.13.1)
    nokogiri (1.4.3.1)
    pg (0.9.0)
    progressbar (0.9.0)
    rack (1.1.0)
    rack-test (0.5.4)
      rack (>= 1.0)
    rails (2.3.8)
      actionmailer (= 2.3.8)
      actionpack (= 2.3.8)
      activerecord (= 2.3.8)
      activeresource (= 2.3.8)
      activesupport (= 2.3.8)
      rake (>= 0.8.3)
    rake (0.8.7)
    rest-client (1.3.0)
      mime-types (>= 1.16)
    rspec (1.3.0)
    rspec-rails (1.3.2)
      rack (>= 1.0.0)
      rspec (>= 1.3.0)
    ruby-openid (2.1.8)
    rubyzip (0.9.4)
    selenium-webdriver (0.0.28)
      ffi (>= 0.6.1)
      json_pure
      rubyzip
    shoulda (2.11.3)
    will_paginate (2.3.11)

PLATFORMS
  ruby

DEPENDENCIES
  ZenTest
  activerecord_null_object (= 0.2.0)
  authlogic (= 2.1.3)
  authlogic-oid (= 1.0.4)
  awesome_nested_set (= 1.4.3)
  capistrano (= 2.5.19)
  capistrano-helpers (= 0.5.0)
  capybara (>= 0.3.9)
  compass (= 0.10.3)
  faker (>= 0.3.1)
  haml (= 3.0.15)
  hoptoad_notifier (= 2.3.5)
  hpricot (>= 0.8.0)
  machinist (>= 1.0.6)
  newrelic_rpm (= 2.13.1)
  pg (= 0.9.0)
  progressbar (= 0.9.0)
  rails (= 2.3.8)
  rest-client (= 1.3.0)
  rspec-rails (= 1.3.2)
  ruby-openid (>= 2.0.4)
  shoulda (>= 2.11.3)
  will_paginate (= 2.3.11)
