GEM
  remote: http://rubygems.org/
  specs:
    ZenTest (4.4.0)
    actionmailer (2.3.10)
      actionpack (= 2.3.10)
    actionpack (2.3.10)
      activesupport (= 2.3.10)
      rack (~> 1.1.0)
    activerecord (2.3.10)
      activesupport (= 2.3.10)
    activerecord_null_object (0.2.0)
    activeresource (2.3.10)
      activesupport (= 2.3.10)
    activesupport (2.3.10)
    authlogic (2.1.6)
      activesupport
    authlogic-oid (1.0.4)
      authlogic
    autotest-rails (4.1.0)
      ZenTest
    awesome_nested_set (1.4.3)
      activerecord (>= 1.1)
    builder (2.1.2)
    capistrano (2.5.19)
      highline
      net-scp (>= 1.0.0)
      net-sftp (>= 2.0.0)
      net-ssh (>= 2.0.14)
      net-ssh-gateway (>= 1.0.0)
    capistrano-ext (1.2.1)
      capistrano (>= 1.0.0)
    capistrano-helpers (0.5.7)
      capistrano (>= 2.0.0)
    capybara (0.3.9)
      culerity (>= 0.2.4)
      mime-types (>= 1.16)
      nokogiri (>= 1.3.3)
      rack (>= 1.0.0)
      rack-test (>= 0.5.4)
      selenium-webdriver (>= 0.0.3)
    capybara-envjs (0.1.6)
      capybara (>= 0.3.9)
      envjs (>= 0.3.7)
    childprocess (0.1.3)
      ffi (~> 0.6.3)
    columnize (0.3.1)
    compass (0.10.5)
      haml (>= 3.0.4)
    configuration (1.1.0)
    crack (0.1.8)
    culerity (0.2.12)
    dnssd (1.3.1)
    envjs (0.3.8)
      johnson (>= 2.0.0.pre3)
    ephemeral_response (0.3.2)
    eventmachine (0.12.10)
    faker (0.3.1)
    ffi (0.6.3)
      rake (>= 0.8.7)
    git (1.2.5)
    haml (3.0.22)
    highline (1.6.1)
    hoptoad_notifier (2.3.10)
      activesupport
      builder
    hpricot (0.8.2)
    httparty (0.6.1)
      crack (= 0.1.8)
    johnson (2.0.0.pre3)
      stackdeck (~> 0.2)
    json_pure (1.4.6)
    launchy (0.3.7)
      configuration (>= 0.0.5)
      rake (>= 0.8.1)
    linecache (0.43)
    machinist (1.0.6)
    mime-types (1.16)
    mocha (0.9.8)
      rake
    net-scp (1.0.4)
      net-ssh (>= 1.99.1)
    net-sftp (2.0.5)
      net-ssh (>= 2.0.9)
    net-ssh (2.0.23)
    net-ssh-gateway (1.0.1)
      net-ssh (>= 1.99.1)
    newrelic_rpm (2.13.2)
    nokogiri (1.4.3.1)
    pg (0.9.0)
    progressbar (0.9.0)
    quantity (0.1.1)
    rack (1.1.0)
    rack-openid (1.2.0)
      rack (>= 1.1.0)
      ruby-openid (>= 2.1.8)
    rack-test (0.5.6)
      rack (>= 1.0)
    rails (2.3.10)
      actionmailer (= 2.3.10)
      actionpack (= 2.3.10)
      activerecord (= 2.3.10)
      activeresource (= 2.3.10)
      activesupport (= 2.3.10)
      rake (>= 0.8.3)
    rake (0.8.7)
    rest-client (1.3.0)
      mime-types (>= 1.16)
    roauth (0.0.3)
    rspec (1.3.0)
    rspec-rails (1.3.2)
      rack (>= 1.0.0)
      rspec (>= 1.3.0)
    ruby-debug (0.10.3)
      columnize (>= 0.1)
      ruby-debug-base (~> 0.10.3.0)
    ruby-debug-base (0.10.3)
      linecache (>= 0.3)
    ruby-openid (2.1.8)
    rubyzip (0.9.4)
    selenium-webdriver (0.0.29)
      childprocess (>= 0.0.7)
      ffi (~> 0.6.3)
      json_pure
      rubyzip
    shoulda (2.11.3)
    specjour (0.2.5)
      dnssd (= 1.3.1)
      rspec
    stackdeck (0.2.0)
    tinder (1.4.0)
      activesupport
      eventmachine
      httparty
      mime-types
      twitter-stream
    twitter-stream (0.1.10)
      eventmachine (>= 0.12.8)
      roauth (>= 0.0.2)
    unicorn (1.1.4)
      rack
    will_paginate (2.3.11)

PLATFORMS
  ruby

DEPENDENCIES
  ZenTest (= 4.4.0)
  activerecord_null_object (= 0.2.0)
  activesupport (= 2.3.10)
  authlogic (= 2.1.6)
  authlogic-oid (= 1.0.4)
  autotest-rails (= 4.1.0)
  awesome_nested_set (= 1.4.3)
  capistrano (= 2.5.19)
  capistrano-ext (= 1.2.1)
  capistrano-helpers (= 0.5.7)
  capybara (= 0.3.9)
  capybara-envjs (= 0.1.6)
  compass (= 0.10.5)
  ephemeral_response (= 0.3.2)
  faker (= 0.3.1)
  git (= 1.2.5)
  haml (= 3.0.22)
  hoptoad_notifier (= 2.3.10)
  hpricot (= 0.8.2)
  launchy (= 0.3.7)
  machinist (= 1.0.6)
  mocha (= 0.9.8)
  newrelic_rpm (= 2.13.2)
  pg (= 0.9.0)
  progressbar (= 0.9.0)
  quantity (= 0.1.1)
  rack-openid (= 1.2.0)
  rails (= 2.3.10)
  rest-client (= 1.3.0)
  rspec (= 1.3.0)
  rspec-rails (= 1.3.2)
  ruby-debug (= 0.10.3)
  shoulda (= 2.11.3)
  specjour (= 0.2.5)
  tinder (= 1.4.0)
  unicorn (= 1.1.4)
  will_paginate (= 2.3.11)
